GIT
  remote: https://github.com/cambridgebrainsciences/nmatrix.git
  revision: efb10ef0ceac08dc45c27954900e7d13775b1373
  specs:
    nmatrix (0.2.4)
      packable (~> 1.3, >= 1.3.5)

GIT
  remote: https://github.com/pocheptsov/packable.git
  revision: ee9e18c77a258879e3ad4dbf91a95bda2117f9ac
  specs:
    packable (1.3.9)
      backports

PATH
  remote: .
  specs:
    nmatrix-rowcol (0.2.0)

GEM
  specs:
    backports (3.17.1)

PLATFORMS
  ruby

DEPENDENCIES
  nmatrix (~> 0.2.4)!
  nmatrix-rowcol!
  packable (~> 1.3.9)!

BUNDLED WITH
   1.17.3
